PATH
  remote: .
  specs:
    wombat (0.0.1)
      nightcrawler

GEM
  remote: http://rubygems.org/
  specs:
    activemodel (3.0.11)
      activesupport (= 3.0.11)
      builder (~> 2.1.2)
      i18n (~> 0.5.0)
    activerecord (3.0.11)
      activemodel (= 3.0.11)
      activesupport (= 3.0.11)
      arel (~> 2.0.10)
      tzinfo (~> 0.3.23)
    activesupport (3.0.11)
    arel (2.0.10)
    builder (2.1.2)
    defined (0.0.2)
    diff-lcs (1.1.3)
    ffi (1.0.11)
    git (1.2.5)
    growl_notify (0.0.3)
      rb-appscript
    guard (0.9.4)
      ffi (>= 0.5.0)
      thor (~> 0.14.6)
    guard-bundler (0.1.3)
      bundler (>= 1.0.0)
      guard (>= 0.2.2)
    guard-rspec (0.5.10)
      guard (>= 0.8.4)
    i18n (0.5.0)
    jeweler (1.6.4)
      bundler (~> 1.0)
      git (>= 1.2.5)
      rake
    nightcrawler (0.0.2)
      activerecord (~> 3.0.5)
      defined (~> 0.0.1)
    rake (0.9.2.2)
    rb-appscript (0.6.1)
    rb-fchange (0.0.5)
      ffi
    rb-fsevent (0.4.3.1)
    rb-inotify (0.8.8)
      ffi (>= 0.5.0)
    rcov (0.9.11)
    rspec (2.7.0)
      rspec-core (~> 2.7.0)
      rspec-expectations (~> 2.7.0)
      rspec-mocks (~> 2.7.0)
    rspec-core (2.7.1)
    rspec-expectations (2.7.0)
      diff-lcs (~> 1.1.2)
    rspec-mocks (2.7.0)
    shoulda (2.11.3)
    thor (0.14.6)
    tzinfo (0.3.31)
    yard (0.7.4)

PLATFORMS
  ruby

DEPENDENCIES
  activesupport
  bundler (~> 1.0.0)
  growl_notify
  guard
  guard-bundler
  guard-rspec
  jeweler (~> 1.6.4)
  rb-fchange
  rb-fsevent
  rb-inotify
  rcov
  rspec
  shoulda
  wombat!
  yard
